GEM
  specs:
    diff-lcs (1.2.5)
    minitest (5.4.3)
    power_assert (0.2.2)
    rspec (3.3.0)
      rspec-core (~> 3.3.0)
      rspec-expectations (~> 3.3.0)
      rspec-mocks (~> 3.3.0)
    rspec-core (3.3.2)
      rspec-support (~> 3.3.0)
    rspec-expectations (3.3.1)
      diff-lcs (>= 1.2.0, < 2.0)
      rspec-support (~> 3.3.0)
    rspec-mocks (3.3.2)
      diff-lcs (>= 1.2.0, < 2.0)
      rspec-support (~> 3.3.0)
    rspec-support (3.3.0)
    test-unit (3.0.8)
      power_assert

PLATFORMS
  x64-mingw32

DEPENDENCIES
  minitest
  rspec
  test-unit

BUNDLED WITH
   1.10.6
